GEM
  remote: https://rubygems.org/
  specs:
    etcd (0.2.4)
      mixlib-log
    json (1.8.1)
    mixlib-log (1.6.0)

PLATFORMS
  ruby

DEPENDENCIES
  etcd (~> 0.2)
  json (~> 1.8)
